GEM
  remote: http://rubygems.org/
  specs:
    fakeweb (1.3.0)
    git (1.2.5)
    jeweler (1.5.2)
      bundler (~> 1.0.0)
      git (>= 1.2.5)
      rake
    json (1.4.6)
    minitest (2.0.2)
    nokogiri (1.4.4)
    rack (1.2.1)
    rake (0.8.7)
    rcov (0.9.9)
    redis (2.1.1)
    redis-namespace (0.8.0)
      redis (< 3.0.0)
    resque (1.12.0)
      json (~> 1.4.6)
      redis-namespace (~> 0.8.0)
      sinatra (>= 0.9.2)
      vegas (~> 0.1.2)
    resque_unit (0.3.3)
      json (~> 1.4.6)
    sinatra (1.1.2)
      rack (~> 1.1)
      tilt (~> 1.2)
    tilt (1.2.2)
    vegas (0.1.8)
      rack (>= 1.0.0)
    yard (0.6.4)

PLATFORMS
  ruby

DEPENDENCIES
  bundler (~> 1.0.0)
  fakeweb
  jeweler (~> 1.5.2)
  minitest
  nokogiri
  rcov
  resque
  resque_unit
  yard (~> 0.6.0)
